GEM
  remote: https://rubygems.org/
  specs:
    minitest (4.7.0)
    rake (10.0.3)
    trollop (2.0)

PLATFORMS
  ruby

DEPENDENCIES
  minitest
  rake
  trollop
